GEM
  remote: https://rubygems.org/
  specs:
    concurrent-ruby (1.0.5)
    date (1.0.0)
    diff-lcs (1.3)
    faker (1.9.1)
      i18n (>= 0.7)
    httparty (0.16.2)
      multi_xml (>= 0.5.2)
    i18n (1.1.0)
      concurrent-ruby (~> 1.0)
    multi_xml (0.6.0)
    rspec (3.8.0)
      rspec-core (~> 3.8.0)
      rspec-expectations (~> 3.8.0)
      rspec-mocks (~> 3.8.0)
    rspec-core (3.8.0)
      rspec-support (~> 3.8.0)
    rspec-expectations (3.8.1)
      diff-lcs (>= 1.2.0, < 2.0)
      rspec-support (~> 3.8.0)
    rspec-mocks (3.8.0)
      diff-lcs (>= 1.2.0, < 2.0)
      rspec-support (~> 3.8.0)
    rspec-support (3.8.0)

PLATFORMS
  ruby

DEPENDENCIES
  date (~> 1.0)
  faker (~> 1.9, >= 1.9.1)
  httparty (~> 0.16.2)
  rspec (~> 3.8)

BUNDLED WITH
   1.16.3
